GIT
  remote: git://github.com/rails/sprockets.git
  revision: 962ea355041001d7551d1f4ef1b1235629613228
  ref: 962ea355041001d7551d1f4ef1b1235629613228
  specs:
    sprockets (4.0.0)
      rack (~> 1.0)

GEM
  remote: https://rubygems.org/
  specs:
    babel-source (5.6.16)
    babel-transpiler (0.7.0)
      babel-source (>= 4.0, < 6)
      execjs (~> 2.0)
    coffee-script (2.2.0)
      coffee-script-source
      execjs
    coffee-script-source (1.7.0)
    diff-lcs (1.2.5)
    execjs (2.5.2)
    libv8 (3.16.14.7)
    rack (1.6.4)
    rack-test (0.6.3)
      rack (>= 1.0)
    ref (1.0.5)
    rspec (3.1.0)
      rspec-core (~> 3.1.0)
      rspec-expectations (~> 3.1.0)
      rspec-mocks (~> 3.1.0)
    rspec-core (3.1.7)
      rspec-support (~> 3.1.0)
    rspec-expectations (3.1.2)
      diff-lcs (>= 1.2.0, < 2.0)
      rspec-support (~> 3.1.0)
    rspec-mocks (3.1.3)
      rspec-support (~> 3.1.0)
    rspec-support (3.1.2)
    sass (3.4.16)
    therubyracer (0.12.1)
      libv8 (~> 3.16.14.0)
      ref

PLATFORMS
  ruby

DEPENDENCIES
  babel-transpiler
  coffee-script
  rack
  rack-test
  rspec (~> 3.1, < 3.2)
  sass (~> 3.4)
  sprockets!
  therubyracer

BUNDLED WITH
   1.10.5
